GEM
  remote: http://rubygems.org/
  specs:
    adsf (1.0.1)
      rack (>= 1.0.0)
    coderay (1.0.5)
    cri (2.2.0)
    kramdown (0.13.5)
    method_source (0.7.1)
    nanoc (3.3.1)
      cri (~> 2.1)
    nokogiri (1.5.0)
    nokogiri (1.5.0-java)
    pry (0.9.8.2)
      coderay (~> 1.0.5)
      method_source (~> 0.7)
      slop (>= 2.4.4, < 3)
    pry (0.9.8.2-java)
      coderay (~> 1.0.5)
      method_source (~> 0.7)
      slop (>= 2.4.4, < 3)
      spoon (~> 0.0)
    rack (1.4.1)
    rake (0.9.2.2)
    rdiscount (1.6.8)
    ruby-fsevent (0.2.1)
    slop (2.4.4)
    spoon (0.0.1)
    watchr (0.7)

PLATFORMS
  java
  ruby

DEPENDENCIES
  adsf
  coderay
  kramdown
  nanoc
  nokogiri
  pry
  rake
  rdiscount
  ruby-fsevent
  watchr
